GEM
  remote: http://rubygems.org/
  specs:
    domain_name (0.5.12)
      unf (>= 0.0.5, < 1.0.0)
    faraday (0.8.7)
      multipart-post (~> 1.1)
    geoloqi (0.9.44)
      faraday (>= 0.6.1)
      json
      rack
    http-cookie (1.0.1)
      domain_name (~> 0.5)
    json (1.8.0)
    mechanize (2.7.1)
      domain_name (~> 0.5, >= 0.5.1)
      http-cookie (~> 1.0.0)
      mime-types (~> 1.17, >= 1.17.2)
      net-http-digest_auth (~> 1.1, >= 1.1.1)
      net-http-persistent (~> 2.5, >= 2.5.2)
      nokogiri (~> 1.4)
      ntlm-http (~> 0.1, >= 0.1.1)
      webrobots (>= 0.0.9, < 0.2)
    mime-types (1.23)
    mini_portile (0.5.1)
    multipart-post (1.2.0)
    net-http-digest_auth (1.3)
    net-http-persistent (2.8)
    nokogiri (1.6.0)
      mini_portile (~> 0.5.0)
    ntlm-http (0.1.1)
    rack (1.5.2)
    rest-client (1.6.7)
      mime-types (>= 1.16)
    unf (0.1.1)
      unf_ext
    unf_ext (0.0.6)
    unshorten (0.2.1)
    webrobots (0.1.1)

PLATFORMS
  ruby

DEPENDENCIES
  geoloqi
  mechanize
  rest-client
  unshorten (>= 0.2.1)
